GIT
  remote: git://github.com/seyhunak/twitter-bootstrap-rails.git
  revision: 1d93c5a77049b3d21d17c847ad0531d7714fa229
  branch: bootstrap3
  specs:
    twitter-bootstrap-rails (3.1.1)
      actionpack (>= 3.1)
      execjs
      rails (>= 3.1)
      railties (>= 3.1)

GIT
  remote: git://github.com/thedarkone/rails-dev-boost.git
  revision: a709a10b06b7d9fc4a9846bc613c60c86af9dd7c
  specs:
    rails-dev-boost (0.3.0)
      railties (>= 3.0)

GIT
  remote: https://github.com/jilion/useragent.git
  revision: 742f29d8643f378773a933b3c0a37ce1bc52a7aa
  specs:
    useragent (0.2.3)

GIT
  remote: https://github.com/mjbellantoni/formtastic-bootstrap.git
  revision: d185a2d646624fb4f910a80cfca9d42a959166fe
  branch: bootstrap3_and_rails4
  specs:
    formtastic-bootstrap (3.0.0.rc.1)
      formtastic (>= 2.2)

GEM
  remote: https://rubygems.org/
  specs:
    actionmailer (3.2.22.2)
      actionpack (= 3.2.22.2)
      mail (~> 2.5.4)
    actionpack (3.2.22.2)
      activemodel (= 3.2.22.2)
      activesupport (= 3.2.22.2)
      builder (~> 3.0.0)
      erubis (~> 2.7.0)
      journey (~> 1.0.4)
      rack (~> 1.4.5)
      rack-cache (~> 1.2)
      rack-test (~> 0.6.1)
      sprockets (~> 2.2.1)
    active_attr (0.9.0)
      activemodel (>= 3.0.2, < 5.1)
      activesupport (>= 3.0.2, < 5.1)
    activemodel (3.2.22.2)
      activesupport (= 3.2.22.2)
      builder (~> 3.0.0)
    activerecord (3.2.22.2)
      activemodel (= 3.2.22.2)
      activesupport (= 3.2.22.2)
      arel (~> 3.0.2)
      tzinfo (~> 0.3.29)
    activeresource (3.2.22.2)
      activemodel (= 3.2.22.2)
      activesupport (= 3.2.22.2)
    activesupport (3.2.22.2)
      i18n (~> 0.6, >= 0.6.4)
      multi_json (~> 1.0)
    acts-as-taggable-on (3.4.4)
      activerecord (>= 3.2, < 5)
    acts_as_list (0.6.0)
      activerecord (>= 3.0)
    acts_as_votable (0.10.0)
    amoeba (2.1.0)
      activerecord (>= 3.2.6, < 5)
    arel (3.0.3)
    bcrypt (3.1.11)
    bcrypt-ruby (3.1.5)
      bcrypt (>= 3.1.3)
    builder (3.0.4)
    cancan (1.6.10)
    capistrano (2.12.0)
      highline
      net-scp (>= 1.0.0)
      net-sftp (>= 2.0.0)
      net-ssh (>= 2.0.14)
      net-ssh-gateway (>= 1.1.0)
    chronic (0.10.2)
    climate_control (0.0.3)
      activesupport (>= 3.0)
    cocaine (0.5.8)
      climate_control (>= 0.0.3, < 1.0)
    coffee-rails (3.2.2)
      coffee-script (>= 2.2.0)
      railties (~> 3.2.0)
    coffee-script (2.4.1)
      coffee-script-source
      execjs
    coffee-script-source (1.10.0)
    commonjs (0.2.7)
    detect_language (1.0.7)
    devise (2.0.6)
      bcrypt-ruby (~> 3.0)
      orm_adapter (~> 0.0.3)
      railties (~> 3.1)
      warden (~> 1.1.1)
    dynamic_form (1.1.4)
    erubis (2.7.0)
    exception_notification (2.5.2)
      actionmailer (>= 3.0.4)
    execjs (2.7.0)
    faraday (0.9.2)
      multipart-post (>= 1.2, < 3)
    ffi (1.9.14)
    formtastic (2.2.1)
      actionpack (>= 3.0)
    friendly_id (4.1.0.beta.1)
    globalize (3.1.0)
      activemodel (>= 3.1.0, < 4.0.0)
      activerecord (>= 3.1.0, < 4.0.0)
    gon (5.2.3)
      actionpack (>= 2.3.0)
      json
      multi_json
      request_store (>= 1.0.5)
    hashie (3.4.6)
    highline (1.7.8)
    hike (1.2.3)
    httpclient (2.8.2.4)
    i18n (0.7.0)
    i18n-js (2.1.2)
      i18n
    impressionist (1.4.13)
      httpclient (~> 2.2)
      nokogiri (>= 1.5.0)
    journey (1.0.4)
    jquery-datatables-rails (3.4.0)
      actionpack (>= 3.1)
      jquery-rails
      railties (>= 3.1)
      sass-rails
    jquery-rails (3.1.4)
      railties (>= 3.0, < 5.0)
      thor (>= 0.14, < 2.0)
    jquery-ui-rails (4.2.1)
      railties (>= 3.2.16)
    json (2.0.2)
    jwt (1.5.6)
    kgio (2.10.0)
    less (2.6.0)
      commonjs (~> 0.2.7)
    less-rails (2.6.0)
      actionpack (>= 3.1)
      less (~> 2.6.0)
    libv8 (3.16.14.15)
    mail (2.5.4)
      mime-types (~> 1.16)
      treetop (~> 1.4.8)
    mime-types (1.25.1)
    mini_portile2 (2.1.0)
    multi_json (1.12.1)
    multi_xml (0.5.5)
    multipart-post (2.0.0)
    mysql2 (0.3.21)
    net-scp (1.2.1)
      net-ssh (>= 2.6.5)
    net-sftp (2.1.2)
      net-ssh (>= 2.6.5)
    net-ssh (3.2.0)
    net-ssh-gateway (1.2.0)
      net-ssh (>= 2.6.5)
    nokogiri (1.6.8.1)
      mini_portile2 (~> 2.1.0)
    oauth2 (1.2.0)
      faraday (>= 0.8, < 0.10)
      jwt (~> 1.0)
      multi_json (~> 1.3)
      multi_xml (~> 0.5)
      rack (>= 1.2, < 3)
    omniauth (1.3.1)
      hashie (>= 1.2, < 4)
      rack (>= 1.0, < 3)
    omniauth-facebook (4.0.0)
      omniauth-oauth2 (~> 1.2)
    omniauth-oauth2 (1.4.0)
      oauth2 (~> 1.0)
      omniauth (~> 1.2)
    orm_adapter (0.0.7)
    paperclip (3.5.4)
      activemodel (>= 3.0.0)
      activesupport (>= 3.0.0)
      cocaine (~> 0.5.3)
      mime-types
    paperclip-ffmpeg (1.2.0)
      paperclip (>= 2.5.2)
      rails
    polyglot (0.3.5)
    power_assert (0.3.1)
    psych (2.0.17)
    rack (1.4.7)
    rack-cache (1.6.1)
      rack (>= 0.4)
    rack-ssl (1.3.4)
      rack
    rack-test (0.6.3)
      rack (>= 1.0)
    rack-utf8_sanitizer (1.3.2)
      rack (>= 1.0, < 3.0)
    rails (3.2.22.2)
      actionmailer (= 3.2.22.2)
      actionpack (= 3.2.22.2)
      activerecord (= 3.2.22.2)
      activeresource (= 3.2.22.2)
      activesupport (= 3.2.22.2)
      bundler (~> 1.0)
      railties (= 3.2.22.2)
    rails_autolink (1.1.6)
      rails (> 3.1)
    railties (3.2.22.2)
      actionpack (= 3.2.22.2)
      activesupport (= 3.2.22.2)
      rack-ssl (~> 1.3.2)
      rake (>= 0.8.7)
      rdoc (~> 3.4)
      thor (>= 0.14.6, < 2.0)
    raindrops (0.17.0)
    rake (11.3.0)
    rb-inotify (0.9.7)
      ffi (>= 0.5.0)
    rdoc (3.9.5)
    ref (2.0.0)
    remotipart (1.3.1)
    request_store (1.3.1)
    sass (3.4.22)
    sass-rails (3.2.6)
      railties (~> 3.2.0)
      sass (>= 3.1.10)
      tilt (~> 1.3)
    scoped_search (3.3.0)
      activerecord (>= 3.2.0)
    sprockets (2.2.3)
      hike (~> 1.2)
      multi_json (~> 1.0)
      rack (~> 1.0)
      tilt (~> 1.1, != 1.3.0)
    subexec (0.2.3)
    test-unit (3.2.2)
      power_assert
    therubyracer (0.12.2)
      libv8 (~> 3.16.14.0)
      ref
    thor (0.19.1)
    tilt (1.4.1)
    tinymce-rails (3.5.8.3)
      railties (>= 3.1.1)
    tinymce-rails-imageupload (3.5.8.6)
      railties (>= 3.1)
      tinymce-rails (~> 3.5.8.1)
    treetop (1.4.15)
      polyglot
      polyglot (>= 0.3.1)
    tzinfo (0.3.52)
    uglifier (3.0.3)
      execjs (>= 0.3.0, < 3)
    unicorn (5.2.0)
      kgio (~> 2.6)
      raindrops (~> 0.7)
    unidecoder (1.1.2)
    warden (1.1.1)
      rack (>= 1.0)
    whenever (0.9.7)
      chronic (>= 0.6.3)
    will_paginate (3.1.5)

PLATFORMS
  ruby

DEPENDENCIES
  active_attr (~> 0.9.0)
  acts-as-taggable-on (~> 3.4.4)
  acts_as_list (~> 0.6.0)
  acts_as_votable (~> 0.10.0)
  amoeba (~> 2.1.0)
  bundler
  cancan (~> 1.6.8)
  capistrano (~> 2.12.0)
  coffee-rails (~> 3.2.2)
  detect_language (~> 1.0.7)
  devise (~> 2.0.4)
  dynamic_form (~> 1.1.4)
  exception_notification (~> 2.5.2)
  formtastic (~> 2.2.1)
  formtastic-bootstrap!
  friendly_id (~> 4.1.0.beta.1)
  globalize (~> 3.1.0)
  gon (~> 5.2.3)
  i18n-js (~> 2.1.2)
  impressionist (= 1.4.13)
  jquery-datatables-rails (~> 3.4.0)
  jquery-rails (~> 3.1.4)
  jquery-ui-rails (~> 4.2.1)
  json (~> 2.0, >= 2.0.2)
  less-rails (~> 2.6.0)
  mysql2 (~> 0.3.21)
  nokogiri
  omniauth
  omniauth-facebook
  paperclip (~> 3.5.4)
  paperclip-ffmpeg
  psych (~> 2.0.13)
  rack-utf8_sanitizer (~> 1.3.2)
  rails (= 3.2.22.2)
  rails-dev-boost!
  rails_autolink (~> 1.1.6)
  rb-inotify (~> 0.9.7)
  remotipart (~> 1.2)
  sass-rails (~> 3.2.6)
  scoped_search (~> 3.3.0)
  subexec (~> 0.2.3)
  test-unit (~> 3.0)
  therubyracer
  tinymce-rails (~> 3.5.8.3)
  tinymce-rails-imageupload (= 3.5.8.6)
  twitter-bootstrap-rails!
  uglifier (>= 1.0.3)
  unicorn (~> 5.2.0)
  unidecoder (~> 1.1.2)
  useragent!
  whenever (~> 0.9.7)
  will_paginate (~> 3.1.5)

RUBY VERSION
   ruby 2.3.1p112

BUNDLED WITH
   1.13.6
